GEM
  specs:
    ffi (1.9.0)
    listen (1.3.0)
      rb-fsevent (>= 0.9.3)
      rb-inotify (>= 0.9)
      rb-kqueue (>= 0.2)
    rb-fsevent (0.9.3)
    rb-inotify (0.9.2)
      ffi (>= 0.5.0)
    rb-kqueue (0.2.0)
      ffi (>= 0.5.0)
    smart_colored (1.1.1)
    sys-proctable (0.9.3)

PLATFORMS
  ruby

DEPENDENCIES
  listen (~> 1.3.0)
  smart_colored (~> 1.1.1)
  sys-proctable (~> 0.9.3)
